GEM
  remote: http://rubygems.org/
  remote: http://gems.github.com/
  specs:
    RedCloth (4.2.3)
    abstract (1.0.0)
    actionmailer (3.0.0)
      actionpack (= 3.0.0)
      mail (~> 2.2.5)
    actionpack (3.0.0)
      activemodel (= 3.0.0)
      activesupport (= 3.0.0)
      builder (~> 2.1.2)
      erubis (~> 2.6.6)
      i18n (~> 0.4.1)
      rack (~> 1.2.1)
      rack-mount (~> 0.6.12)
      rack-test (~> 0.5.4)
      tzinfo (~> 0.3.23)
    activemodel (3.0.0)
      activesupport (= 3.0.0)
      builder (~> 2.1.2)
      i18n (~> 0.4.1)
    activerecord (3.0.0)
      activemodel (= 3.0.0)
      activesupport (= 3.0.0)
      arel (~> 1.0.0)
      tzinfo (~> 0.3.23)
    activeresource (3.0.0)
      activemodel (= 3.0.0)
      activesupport (= 3.0.0)
    activesupport (3.0.0)
    arel (1.0.1)
      activesupport (~> 3.0.0)
    authlogic (2.1.6)
      activesupport
    builder (2.1.2)
    diff-lcs (1.1.2)
    erubis (2.6.6)
      abstract (>= 1.0.0)
    factory_girl (1.3.2)
    factory_girl_rails (1.0)
      factory_girl (~> 1.3)
      rails (>= 3.0.0.beta4)
    faker (0.3.1)
    formtastic (1.1.0)
      actionpack (>= 2.3.0)
      activesupport (>= 2.3.0)
      i18n (>= 0.4.0)
    haml (3.0.21)
    has_scope (0.5.0)
    i18n (0.4.1)
    inherited_resources (1.1.2)
      has_scope (~> 0.5.0)
      responders (~> 0.6.0)
    less (1.2.21)
      mutter (>= 0.4.2)
      treetop (>= 1.4.2)
    mail (2.2.7)
      activesupport (>= 2.3.6)
      mime-types
      treetop (>= 1.4.5)
    mime-types (1.16)
    mocha (0.9.8)
      rake
    mutter (0.5.3)
    mysql2 (0.2.4)
    paperclip (2.3.4)
      activerecord
      activesupport
    polyglot (0.3.1)
    rack (1.2.1)
    rack-mount (0.6.13)
      rack (>= 1.0.0)
    rack-test (0.5.6)
      rack (>= 1.0)
    rails (3.0.0)
      actionmailer (= 3.0.0)
      actionpack (= 3.0.0)
      activerecord (= 3.0.0)
      activeresource (= 3.0.0)
      activesupport (= 3.0.0)
      bundler (~> 1.0.0)
      railties (= 3.0.0)
    railties (3.0.0)
      actionpack (= 3.0.0)
      activesupport (= 3.0.0)
      rake (>= 0.8.4)
      thor (~> 0.14.0)
    rake (0.8.7)
    responders (0.6.2)
    rspec (2.0.0.beta.22)
      rspec-core (= 2.0.0.beta.22)
      rspec-expectations (= 2.0.0.beta.22)
      rspec-mocks (= 2.0.0.beta.22)
    rspec-core (2.0.0.beta.22)
    rspec-expectations (2.0.0.beta.22)
      diff-lcs (>= 1.1.2)
    rspec-mocks (2.0.0.beta.22)
      rspec-core (= 2.0.0.beta.22)
      rspec-expectations (= 2.0.0.beta.22)
    rspec-rails (2.0.0.beta.22)
      rspec (= 2.0.0.beta.22)
    shoulda (2.11.3)
    thor (0.14.3)
    timecop (0.3.5)
    treetop (1.4.8)
      polyglot (>= 0.3.1)
    tzinfo (0.3.23)
    will_paginate (3.0.pre2)

PLATFORMS
  ruby

DEPENDENCIES
  RedCloth
  authlogic
  factory_girl_rails
  faker
  formtastic
  haml
  inherited_resources (~> 1.1.2)
  less
  mocha
  mysql2
  paperclip
  rails (= 3.0.0)
  rspec-rails (~> 2.0.0.beta.22)
  shoulda
  timecop
  will_paginate (~> 3.0.pre2)
